GEM
  remote: https://rubygems.org/
  specs:
    webrick (1.8.2)

PLATFORMS
  aarch64-linux
  ruby
  x86_64-linux

DEPENDENCIES
  webrick (~> 1.8, >= 1.8.2)

BUNDLED WITH
   2.5.10
